GEM
  remote: http://rubygems.org/
  specs:
    fakefs (0.3.2)
    git (1.2.5)
    jeweler (1.6.4)
      bundler (~> 1.0)
      git (>= 1.2.5)
      rake
    rake (0.9.2)
    thor (0.14.6)

PLATFORMS
  ruby

DEPENDENCIES
  bundler (~> 1.0.0)
  fakefs (~> 0.3.2)
  jeweler (~> 1.6.4)
  thor (~> 0.14.6)
